PATH
  remote: .
  specs:
    active_zuora (2.0.3)
      activemodel (>= 3.0.0, < 4.0.0)
      activesupport (>= 3.0.0, < 4.0.0)
      savon (~> 0.9.9)

GEM
  remote: https://rubygems.org/
  specs:
    activemodel (3.2.18)
      activesupport (= 3.2.18)
      builder (~> 3.0.0)
    activesupport (3.2.18)
      i18n (~> 0.6, >= 0.6.4)
      multi_json (~> 1.0)
    akami (1.2.2)
      gyoku (>= 0.4.0)
      nokogiri
    builder (3.0.4)
    diff-lcs (1.2.5)
    gyoku (1.1.1)
      builder (>= 2.1.2)
    httpi (1.1.1)
      rack
    i18n (0.6.9)
    mini_portile (0.6.0)
    multi_json (1.10.1)
    nokogiri (1.6.2.1)
      mini_portile (= 0.6.0)
    nori (1.1.5)
    rack (1.5.2)
    rake (10.3.2)
    rspec (3.0.0.rc1)
      rspec-core (= 3.0.0.rc1)
      rspec-expectations (= 3.0.0.rc1)
      rspec-mocks (= 3.0.0.rc1)
    rspec-core (3.0.0.rc1)
      rspec-support (= 3.0.0.rc1)
    rspec-expectations (3.0.0.rc1)
      diff-lcs (>= 1.2.0, < 2.0)
      rspec-support (= 3.0.0.rc1)
    rspec-mocks (3.0.0.rc1)
      rspec-support (= 3.0.0.rc1)
    rspec-support (3.0.0.rc1)
    savon (0.9.14)
      akami (~> 1.1)
      builder (>= 2.1.2)
      gyoku (>= 0.4.0)
      httpi (~> 1.0)
      nokogiri (>= 1.4.0)
      nori (~> 1.1)
      wasabi (~> 2.2)
    wasabi (2.5.1)
      httpi (~> 1.0)
      nokogiri (>= 1.4.0)

PLATFORMS
  ruby

DEPENDENCIES
  active_zuora!
  rake (>= 0.8.7)
  rspec (>= 3.0.0.rc1)
