PATH
  remote: .
  specs:
    active_zuora (0.0.1)
      activemodel (>= 3.0.0)
      activesupport (>= 3.0.0)
      savon (>= 1.0.0)
      wasabi (>= 2.4.1)

GEM
  remote: http://rubygems.org/
  specs:
    activemodel (3.2.6)
      activesupport (= 3.2.6)
      builder (~> 3.0.0)
    activesupport (3.2.6)
      i18n (~> 0.6)
      multi_json (~> 1.0)
    akami (1.1.0)
      gyoku (>= 0.4.0)
      nokogiri (>= 1.5.2)
    builder (3.0.0)
    diff-lcs (1.1.3)
    gyoku (0.4.5)
      builder (>= 2.1.2)
    httpi (1.0.0)
      rack
    i18n (0.6.0)
    multi_json (1.3.6)
    nokogiri (1.5.4)
    nori (1.1.0)
    rack (1.4.1)
    rake (0.8.7)
    rspec (2.8.0)
      rspec-core (~> 2.8.0)
      rspec-expectations (~> 2.8.0)
      rspec-mocks (~> 2.8.0)
    rspec-core (2.8.0)
    rspec-expectations (2.8.0)
      diff-lcs (~> 1.1.2)
    rspec-mocks (2.8.0)
    savon (1.0.0)
      akami (~> 1.1)
      builder (>= 2.1.2)
      gyoku (>= 0.4.0)
      httpi (~> 1.0)
      nokogiri (>= 1.4.0)
      nori (~> 1.1)
      wasabi (~> 2.2)
    wasabi (2.4.1)
      httpi (~> 1.0)
      nokogiri (>= 1.4.0)

PLATFORMS
  ruby

DEPENDENCIES
  active_zuora!
  rake
  rspec
